GEM
  remote: https://rubygems.org/
  specs:
    activemodel (5.1.4)
      activesupport (= 5.1.4)
    activerecord (5.1.4)
      activemodel (= 5.1.4)
      activesupport (= 5.1.4)
      arel (~> 8.0)
    activerecord-import (0.21.0)
      activerecord (>= 3.2)
    activesupport (5.1.4)
      concurrent-ruby (~> 1.0, >= 1.0.2)
      i18n (~> 0.7)
      minitest (~> 5.1)
      tzinfo (~> 1.1)
    airbrussh (1.3.0)
      sshkit (>= 1.6.1, != 1.7.0)
    arel (8.0.0)
    aws-partitions (1.40.0)
    aws-sdk-core (3.9.0)
      aws-partitions (~> 1.0)
      aws-sigv4 (~> 1.0)
      jmespath (~> 1.0)
    aws-sdk-dynamodb (1.2.0)
      aws-sdk-core (~> 3)
      aws-sigv4 (~> 1.0)
    aws-sdk-kms (1.3.0)
      aws-sdk-core (~> 3)
      aws-sigv4 (~> 1.0)
    aws-sdk-s3 (1.8.0)
      aws-sdk-core (~> 3)
      aws-sdk-kms (~> 1)
      aws-sigv4 (~> 1.0)
    aws-sigv4 (1.0.2)
    backports (3.10.3)
    capistrano (3.10.0)
      airbrussh (>= 1.0.0)
      i18n
      rake (>= 10.0.0)
      sshkit (>= 1.9.0)
    capistrano-bundler (1.3.0)
      capistrano (~> 3.1)
      sshkit (~> 1.2)
    capistrano-rails (1.3.1)
      capistrano (~> 3.1)
      capistrano-bundler (~> 1.1)
    capistrano-rvm (0.1.2)
      capistrano (~> 3.0)
      sshkit (~> 1.2)
    capistrano3-unicorn (0.2.1)
      capistrano (~> 3.1, >= 3.1.0)
    concurrent-ruby (1.0.5)
    database_cleaner (1.6.2)
    diff-lcs (1.3)
    docile (1.1.5)
    friendly_id (5.1.0)
      activerecord (>= 4.0.0)
    httparty (0.15.6)
      multi_xml (>= 0.5.2)
    i18n (0.9.1)
      concurrent-ruby (~> 1.0)
    jmespath (1.3.1)
    json (2.1.0)
    json_schema (0.17.0)
    kgio (2.10.0)
    minitest (5.10.3)
    multi_json (1.12.2)
    multi_xml (0.6.0)
    mustermann (1.0.1)
    mysql2 (0.4.10)
    net-scp (1.2.1)
      net-ssh (>= 2.6.5)
    net-ssh (4.1.0)
    oj (3.3.8)
    rack (2.0.3)
    rack-cache (1.7.0)
      rack (>= 0.4)
    rack-protection (2.0.0)
      rack
    raindrops (0.17.0)
    rake (12.3.0)
    redis (4.0.1)
    rspec (3.7.0)
      rspec-core (~> 3.7.0)
      rspec-expectations (~> 3.7.0)
      rspec-mocks (~> 3.7.0)
    rspec-core (3.7.0)
      rspec-support (~> 3.7.0)
    rspec-expectations (3.7.0)
      diff-lcs (>= 1.2.0, < 2.0)
      rspec-support (~> 3.7.0)
    rspec-mocks (3.7.0)
      diff-lcs (>= 1.2.0, < 2.0)
      rspec-support (~> 3.7.0)
    rspec-support (3.7.0)
    shotgun (0.9.2)
      rack (>= 1.0)
    simplecov (0.15.1)
      docile (~> 1.1.0)
      json (>= 1.8, < 3)
      simplecov-html (~> 0.10.0)
    simplecov-html (0.10.0)
    sinatra (2.0.0)
      mustermann (~> 1.0)
      rack (~> 2.0)
      rack-protection (= 2.0.0)
      tilt (~> 2.0)
    sinatra-activerecord (2.0.13)
      activerecord (>= 3.2)
      sinatra (>= 1.0)
    sinatra-contrib (2.0.0)
      backports (>= 2.0)
      multi_json
      mustermann (~> 1.0)
      rack-protection (= 2.0.0)
      sinatra (= 2.0.0)
      tilt (>= 1.3, < 3)
    sinatra-cross_origin (0.4.0)
    sshkit (1.15.1)
      net-scp (>= 1.1.2)
      net-ssh (>= 2.8.0)
    thread_safe (0.3.6)
    tilt (2.0.8)
    tzinfo (1.2.4)
      thread_safe (~> 0.1)
    unicorn (5.3.1)
      kgio (~> 2.6)
      raindrops (~> 0.7)

PLATFORMS
  ruby

DEPENDENCIES
  activerecord-import (= 0.21.0)
  aws-sdk-dynamodb (= 1.2.0)
  aws-sdk-s3 (= 1.8.0)
  capistrano (= 3.10.0)
  capistrano-bundler
  capistrano-rails (= 1.3.1)
  capistrano-rvm (= 0.1.2)
  capistrano3-unicorn (= 0.2.1)
  database_cleaner (= 1.6.2)
  friendly_id (= 5.1.0)
  httparty (= 0.15.6)
  json (= 2.1.0)
  json_schema (= 0.17.0)
  mysql2 (= 0.4.10)
  oj (= 3.3.8)
  rack-cache (= 1.7.0)
  rake (= 12.3.0)
  redis (= 4.0.1)
  rspec (= 3.7.0)
  shotgun (= 0.9.2)
  simplecov (= 0.15.1)
  sinatra (= 2.0.0)
  sinatra-activerecord (= 2.0.13)
  sinatra-contrib (= 2.0.0)
  sinatra-cross_origin (= 0.4.0)
  unicorn (= 5.3.1)

RUBY VERSION
   ruby 2.4.2p198

BUNDLED WITH
   1.16.0
